GEM
  remote: http://rubygems.org/
  specs:
    mocha (0.9.10)
    nokogiri (1.5.0)
    rake (0.9.2)

PLATFORMS
  ruby

DEPENDENCIES
  mocha
  nokogiri
  rake
